PATH
  remote: .
  specs:
    city_watch (0.0.1a)
      redis
      rspec

GEM
  remote: http://rubygems.org/
  specs:
    diff-lcs (1.1.3)
    redis (3.0.1)
    rspec (2.11.0)
      rspec-core (~> 2.11.0)
      rspec-expectations (~> 2.11.0)
      rspec-mocks (~> 2.11.0)
    rspec-core (2.11.1)
    rspec-expectations (2.11.1)
      diff-lcs (~> 1.1.3)
    rspec-mocks (2.11.1)

PLATFORMS
  ruby

DEPENDENCIES
  city_watch!
