PATH
  remote: .
  specs:
    city_watch (0.0.1a)
      rack
      rack-mount
      redis
      rspec
      sysinfo
      unicorn
      yajl-ruby

GEM
  remote: http://rubygems.org/
  specs:
    diff-lcs (1.1.3)
    drydock (0.6.9)
    kgio (2.7.4)
    rack (1.4.1)
    rack-mount (0.8.3)
      rack (>= 1.0.0)
    raindrops (0.10.0)
    redis (3.0.2)
    rspec (2.12.0)
      rspec-core (~> 2.12.0)
      rspec-expectations (~> 2.12.0)
      rspec-mocks (~> 2.12.0)
    rspec-core (2.12.1)
    rspec-expectations (2.12.0)
      diff-lcs (~> 1.1.3)
    rspec-mocks (2.12.0)
    storable (0.8.9)
    sysinfo (0.8.0)
      drydock
      storable
    unicorn (4.5.0)
      kgio (~> 2.6)
      rack
      raindrops (~> 0.7)
    yajl-ruby (1.1.0)

PLATFORMS
  ruby

DEPENDENCIES
  city_watch!
