GEM
  remote: http://rubygems.org/
  specs:
    city_watch (0.3.0)
      daemons (~> 1.1.0)
      growl (~> 1.0.3)
      nokogiri (~> 1.4.4)
      rest-client (~> 1.6.1)
      thor (~> 0.14.6)
    daemons (1.1.9)
    diff-lcs (1.1.3)
    growl (1.0.3)
    i18n (0.6.1)
    mail (2.4.4)
      i18n (>= 0.4.0)
      mime-types (~> 1.16)
      treetop (~> 1.4.8)
    mime-types (1.19)
    nokogiri (1.4.7)
    polyglot (0.3.3)
    rake (0.9.2.2)
    redis (3.0.1)
    rest-client (1.6.7)
      mime-types (>= 1.16)
    rspec (2.11.0)
      rspec-core (~> 2.11.0)
      rspec-expectations (~> 2.11.0)
      rspec-mocks (~> 2.11.0)
    rspec-core (2.11.1)
    rspec-expectations (2.11.1)
      diff-lcs (~> 1.1.3)
    rspec-mocks (2.11.1)
    thor (0.14.6)
    treetop (1.4.10)
      polyglot
      polyglot (>= 0.3.1)

PLATFORMS
  ruby

DEPENDENCIES
  city_watch
  mail
  rake
  redis
  rspec
